GEM
  remote: http://rubygems.org/
  specs:
    bluecloth (2.2.0)
    encrypted_cookie (0.0.4)
    git (1.2.5)
    rack (1.4.1)
    rack-protection (1.2.0)
      rack
    rubypants (0.2.0)
    shotgun (0.9)
      rack (>= 1.0)
    sinatra (1.3.2)
      rack (~> 1.3, >= 1.3.6)
      rack-protection (~> 1.2)
      tilt (~> 1.3, >= 1.3.3)
    sinatra-content-for (0.2)
      sinatra
    tilt (1.3.3)
    time-ago-in-words (0.1.2)

PLATFORMS
  ruby

DEPENDENCIES
  bluecloth
  encrypted_cookie
  git
  rubypants
  shotgun
  sinatra
  sinatra-content-for
  time-ago-in-words
