GEM
  remote: http://rubygems.org/
  specs:
    encrypted_cookie (0.0.4)
    git (1.2.5)
    kgio (2.7.4)
    mixlib-config (1.1.2)
    rack (1.4.1)
    rack-protection (1.2.0)
      rack
    raindrops (0.10.0)
    redcarpet (2.1.1)
    rubypants (0.2.0)
    shotgun (0.9)
      rack (>= 1.0)
    sinatra (1.3.3)
      rack (~> 1.3, >= 1.3.6)
      rack-protection (~> 1.2)
      tilt (~> 1.3, >= 1.3.3)
    sinatra-content-for (0.2)
      sinatra
    sinatra-flash (0.3.0)
      sinatra (>= 1.0.0)
    tilt (1.3.3)
    time-ago-in-words (0.1.2)
    unicorn (4.3.1)
      kgio (~> 2.6)
      rack
      raindrops (~> 0.7)

PLATFORMS
  ruby

DEPENDENCIES
  encrypted_cookie
  git
  mixlib-config
  redcarpet
  rubypants
  shotgun
  sinatra
  sinatra-content-for
  sinatra-flash
  time-ago-in-words
  unicorn
